GEM
  remote: http://rubygems.org/
  specs:
    celluloid (0.17.3)
      celluloid-essentials
      celluloid-extras
      celluloid-fsm
      celluloid-pool
      celluloid-supervision
      timers (>= 4.1.1)
    celluloid-essentials (0.20.5)
      timers (>= 4.1.1)
    celluloid-extras (0.20.5)
      timers (>= 4.1.1)
    celluloid-fsm (0.20.5)
      timers (>= 4.1.1)
    celluloid-pool (0.20.5)
      timers (>= 4.1.1)
    celluloid-supervision (0.20.6)
      timers (>= 4.1.1)
    concurrent-ruby (1.0.5)
    dotenv (2.2.1)
    dry-configurable (0.7.0)
      concurrent-ruby (~> 1.0)
    dry-container (0.6.0)
      concurrent-ruby (~> 1.0)
      dry-configurable (~> 0.1, >= 0.1.3)
    dry-core (0.4.2)
      concurrent-ruby (~> 1.0)
    dry-equalizer (0.2.0)
    dry-logic (0.4.2)
      dry-container (~> 0.2, >= 0.2.6)
      dry-core (~> 0.2)
      dry-equalizer (~> 0.2)
    dry-types (0.12.2)
      concurrent-ruby (~> 1.0)
      dry-configurable (~> 0.1)
      dry-container (~> 0.3)
      dry-core (~> 0.2, >= 0.2.1)
      dry-equalizer (~> 0.2)
      dry-logic (~> 0.4, >= 0.4.2)
      inflecto (~> 0.0.0, >= 0.0.2)
    dry-validation (0.11.1)
      concurrent-ruby (~> 1.0)
      dry-configurable (~> 0.1, >= 0.1.3)
      dry-core (~> 0.2, >= 0.2.1)
      dry-equalizer (~> 0.2)
      dry-logic (~> 0.4, >= 0.4.0)
      dry-types (~> 0.12.0)
    faraday (0.12.2)
      multipart-post (>= 1.2, < 3)
    faraday_middleware (0.12.2)
      faraday (>= 0.7.4, < 1.0)
    faraday_middleware-oauth2_refresh (0.0.3)
      faraday (~> 0.9, >= 0.9)
      faraday_middleware (~> 0, >= 0)
    faraday_middleware-request-retry (0.2.0)
      faraday (~> 0, >= 0)
      faraday_middleware (~> 0, >= 0)
    hashie (3.5.7)
    hitimes (1.2.6)
    http_router (0.11.2)
      rack (>= 1.0.0)
      url_mount (~> 0.2.1)
    httpclient (2.8.3)
    i18n (0.9.1)
      concurrent-ruby (~> 1.0)
    ice_nine (0.11.2)
    inflection (1.0.0)
    inflecto (0.0.2)
    json (2.1.0)
    jsondoc (0.1.3)
    jwt (1.5.6)
    lita (4.7.1)
      bundler (>= 1.3)
      faraday (>= 0.8.7)
      http_router (>= 0.11.2)
      i18n (>= 0.6.9)
      ice_nine (>= 0.11.0)
      multi_json (>= 1.7.7)
      puma (>= 2.7.1)
      rack (>= 1.5.2, < 2.0.0)
      rb-readline (>= 0.5.1)
      redis-namespace (>= 1.3.0)
      thor (>= 0.18.1)
    lita-eightball (1.0.4)
      lita (>= 2.0)
    lita-inspirebot (0.0.3)
      lita (>= 4.0)
    lita-ringcentral (0.1.0)
      lita (~> 4.4, >= 4.4.3)
      ringcentral_sdk (~> 2.0, >= 2.0.3)
    lita-zendesk (0.1.0)
      lita (>= 4.4.3)
      zendesk_api (~> 1.0, >= 1.14.0)
    lita_dotenv (0.0.3)
      dotenv (~> 2, >= 2.1.1)
      lita (~> 4, >= 4.4.3)
    logger (1.2.8)
    mime (0.4.4)
    mime-types (3.1)
      mime-types-data (~> 3.2015)
    mime-types-data (3.2016.0521)
    mime_builder (0.0.4)
      mime (~> 0.4, >= 0.4.3)
      mime-types (~> 3.1)
      multi_json (~> 1, >= 1.12.1)
    multi_json (1.12.2)
    multi_xml (0.6.0)
    multipart-post (2.0.0)
    oauth2 (1.4.0)
      faraday (>= 0.8, < 0.13)
      jwt (~> 1.0)
      multi_json (~> 1.3)
      multi_xml (~> 0.5)
      rack (>= 1.2, < 3)
    pubnub (4.0.27)
      celluloid (~> 0.17)
      dry-validation (~> 0.10)
      httpclient (~> 2.8, >= 2.8.3)
      json (>= 1.8, < 3)
    puma (3.11.0)
    rack (1.6.8)
    rb-readline (0.5.5)
    redis (4.0.1)
    redis-namespace (1.6.0)
      redis (>= 3.0.4)
    ringcentral_sdk (2.2.1)
      dotenv (~> 2.1, >= 2.1.0)
      faraday (~> 0, >= 0)
      faraday_middleware (~> 0, >= 0)
      faraday_middleware-oauth2_refresh (~> 0)
      faraday_middleware-request-retry (~> 0.1, >= 0.1.0)
      jsondoc (~> 0.1, >= 0.1.0)
      logger (~> 1)
      mime (~> 0.4, >= 0.4.3)
      mime-types (~> 3.1)
      mime_builder (~> 0, >= 0.0.4)
      multi_json (~> 1.3)
      oauth2 (~> 1.0, >= 1.0.0)
      pubnub (~> 4.0)
    thor (0.20.0)
    timers (4.1.2)
      hitimes
    url_mount (0.2.1)
      rack
    zendesk_api (1.16.0)
      faraday (~> 0.9)
      hashie (>= 3.5.2, < 4.0.0)
      inflection
      mime-types
      multipart-post (~> 2.0)

PLATFORMS
  ruby

DEPENDENCIES
  lita
  lita-eightball
  lita-inspirebot
  lita-ringcentral (>= 0.1.0)
  lita-zendesk
  lita_dotenv

BUNDLED WITH
   1.16.0
